PATH
  remote: .
  specs:
    pact (1.0.15)
      awesome_print (~> 1.1.0)
      find_a_port (~> 1.0.1)
      json
      rack-test (~> 0.6.2)
      randexp (~> 0.1.7)
      rspec (~> 2.12)
      thin
      thor

GEM
  remote: https://rubygems.org/
  remote: http://rea-rubygems/
  specs:
    addressable (2.3.5)
    awesome_print (1.1.0)
    coderay (1.0.9)
    crack (0.4.1)
      safe_yaml (~> 0.9.0)
    daemons (1.1.9)
    diff-lcs (1.2.4)
    eventmachine (1.0.3)
    fakefs (0.4.2)
    find_a_port (1.0.1)
    geminabox-client (0.0.2)
      multipart-post
    hashie (2.0.5)
    json (1.8.1)
    method_source (0.8.2)
    multipart-post (1.2.0)
    pry (0.9.12.2)
      coderay (~> 1.0.5)
      method_source (~> 0.8)
      slop (~> 3.4)
    rack (1.5.2)
    rack-test (0.6.2)
      rack (>= 1.0)
    rake (10.0.4)
    randexp (0.1.7)
    rspec (2.14.1)
      rspec-core (~> 2.14.0)
      rspec-expectations (~> 2.14.0)
      rspec-mocks (~> 2.14.0)
    rspec-core (2.14.5)
    rspec-expectations (2.14.3)
      diff-lcs (>= 1.1.3, < 2.0)
    rspec-fire (1.2.0)
      rspec (~> 2.11)
    rspec-mocks (2.14.3)
    safe_yaml (0.9.5)
    slop (3.4.6)
    thin (1.6.0)
      daemons (>= 1.0.9)
      eventmachine (>= 1.0.0)
      rack (>= 1.5.0)
    thor (0.18.1)
    webmock (1.9.3)
      addressable (>= 2.2.7)
      crack (>= 0.3.2)

PLATFORMS
  ruby

DEPENDENCIES
  fakefs (~> 0.4)
  geminabox-client
  hashie (~> 2.0)
  pact!
  pry
  rake (~> 10.0.3)
  rspec-fire
  webmock (~> 1.9.3)
